GIT
  remote: https://github.com/opscode/rbzmq
  revision: c1c3a95b5e8613c902eb675280748f7031a9cf68
  branch: master
  specs:
    zmq (2.2.0)

GIT
  remote: git@github.com:opscode/chef-pedant.git
  revision: be24c567600570679a5d801b0d601d07ebabb312
  tag: 1.0.22
  specs:
    chef-pedant (1.0.22)
      activesupport (~> 3.2.8)
      erubis (~> 2.7.0)
      mixlib-authentication (~> 1.3.0)
      mixlib-config (~> 1.1.2)
      mixlib-shellout (~> 1.1.0)
      net-http-spy (~> 0.2.1)
      rest-client (~> 1.6.7)
      rspec (~> 2.11.0)
      rspec-rerun (= 0.1.1)
      rspec_junit_formatter (~> 0.1.1)

GIT
  remote: git@github.com:opscode/oc-chef-pedant.git
  revision: 061b8d66c559f183ab2f0e572da9d1349be8635c
  tag: 1.0.20
  specs:
    oc-chef-pedant (1.0.20)
      chef-pedant (>= 1.0.0)

GIT
  remote: git@github.com:opscode/opscode-pushy-client.git
  revision: ce4be1c4ee03d379a0b48f8a1375c0b986a7da7c
  branch: cm/OC-9976-0MQ3
  specs:
    opscode-pushy-client (0.0.1)
      chef (>= 0.10.12)
      uuidtools
      zmq

PATH
  remote: .
  specs:
    oc-pushy-pedant (0.0.1)

GEM
  remote: http://rubygems.org/
  specs:
    activesupport (3.2.15)
      i18n (~> 0.6, >= 0.6.4)
      multi_json (~> 1.0)
    builder (3.2.2)
    chef (11.6.2)
      erubis (~> 2.7)
      highline (~> 1.6, >= 1.6.9)
      json (>= 1.4.4, <= 1.7.7)
      mixlib-authentication (~> 1.3)
      mixlib-cli (~> 1.3)
      mixlib-config (~> 1.1, >= 1.1.2)
      mixlib-log (~> 1.3)
      mixlib-shellout (~> 1.1)
      net-ssh (~> 2.6)
      net-ssh-multi (~> 1.1.0)
      ohai (>= 0.6.0, < 7.0.0)
      rest-client (>= 1.0.4, < 1.7.0)
      yajl-ruby (~> 1.1)
    diff-lcs (1.1.3)
    erubis (2.7.0)
    highline (1.6.20)
    i18n (0.6.5)
    ipaddress (0.8.0)
    json (1.7.7)
    mime-types (1.25)
    mixlib-authentication (1.3.0)
      mixlib-log
    mixlib-cli (1.3.0)
    mixlib-config (1.1.2)
    mixlib-log (1.6.0)
    mixlib-shellout (1.1.0)
    multi_json (1.8.2)
    net-http-spy (0.2.1)
    net-ssh (2.7.0)
    net-ssh-gateway (1.2.0)
      net-ssh (>= 2.6.5)
    net-ssh-multi (1.1)
      net-ssh (>= 2.1.4)
      net-ssh-gateway (>= 0.99.0)
    ohai (6.18.0)
      ipaddress
      mixlib-cli
      mixlib-config
      mixlib-log
      mixlib-shellout
      systemu
      yajl-ruby
    rest-client (1.6.7)
      mime-types (>= 1.16)
    rspec (2.11.0)
      rspec-core (~> 2.11.0)
      rspec-expectations (~> 2.11.0)
      rspec-mocks (~> 2.11.0)
    rspec-core (2.11.1)
    rspec-expectations (2.11.3)
      diff-lcs (~> 1.1.3)
    rspec-mocks (2.11.3)
    rspec-rerun (0.1.1)
      rspec (>= 2.11.0)
    rspec_junit_formatter (0.1.6)
      builder
      rspec (~> 2.0)
      rspec-core (!= 2.12.0)
    systemu (2.5.2)
    uuidtools (2.1.4)
    yajl-ruby (1.1.0)

PLATFORMS
  ruby

DEPENDENCIES
  chef (~> 11.6.2)
  chef-pedant!
  oc-chef-pedant!
  oc-pushy-pedant!
  opscode-pushy-client!
  zmq!
